GEM
  remote: http://rubygems.org/
  specs:
    actionmailer (2.3.8)
      actionpack (= 2.3.8)
    actionpack (2.3.8)
      activesupport (= 2.3.8)
      rack (~> 1.1.0)
    activerecord (2.3.8)
      activesupport (= 2.3.8)
    activeresource (2.3.8)
      activesupport (= 2.3.8)
    activesupport (2.3.8)
    after_commit (1.0.7)
      activerecord
    compass (0.10.3)
      haml (>= 3.0.4)
    haml (3.0.15)
    mechanize (1.0.0)
      nokogiri (>= 1.2.1)
    mysql2 (0.1.9)
    nokogiri (1.4.3.1)
    rack (1.1.0)
    rails (2.3.8)
      actionmailer (= 2.3.8)
      actionpack (= 2.3.8)
      activerecord (= 2.3.8)
      activeresource (= 2.3.8)
      activesupport (= 2.3.8)
      rake (>= 0.8.3)
    rake (0.8.7)
    riddle (1.0.12)
    ruby-ole (1.2.10.1)
    spreadsheet (0.6.4.1)
      ruby-ole
    thinking-sphinx (1.3.18)
      activerecord (>= 1.15.6)
      after_commit (>= 1.0.6)
      riddle (>= 1.0.10)
    will_paginate (2.3.14)

PLATFORMS
  ruby

DEPENDENCIES
  compass (>= 0.10.2)
  mechanize
  mysql2
  rails (= 2.3.8)
  spreadsheet
  thinking-sphinx
  will_paginate
